GEM
  remote: http://rubygems.org/
  specs:
    awesome_print (1.0.2)
    coderay (1.0.5)
    colorize (0.5.8)
    method_source (0.7.1)
    pry (0.9.8.4)
      coderay (~> 1.0.5)
      method_source (~> 0.7.1)
      slop (>= 2.4.4, < 3)
    slop (2.4.4)

PLATFORMS
  ruby

DEPENDENCIES
  awesome_print
  colorize
  pry
